GEM
  remote: https://rubygems.org/
  specs:
    statsd-instrument (3.2.1)

PLATFORMS
  ruby

DEPENDENCIES
  statsd-instrument (~> 3.2)

BUNDLED WITH
   1.17.2
